PATH
  remote: .
  specs:
    logga (2.0.0)
      activerecord (~> 5.2)
      activesupport (~> 5.2)

GEM
  remote: https://rubygems.org/
  specs:
    activemodel (5.2.4.1)
      activesupport (= 5.2.4.1)
    activerecord (5.2.4.1)
      activemodel (= 5.2.4.1)
      activesupport (= 5.2.4.1)
      arel (>= 9.0)
    activesupport (5.2.4.1)
      concurrent-ruby (~> 1.0, >= 1.0.2)
      i18n (>= 0.7, < 2)
      minitest (~> 5.1)
      tzinfo (~> 1.1)
    ansi (1.5.0)
    arel (9.0.0)
    ast (2.4.0)
    boxt_ruby_style_guide (4.0.2)
      rubocop (~> 0.79)
    builder (3.2.4)
    byebug (11.0.1)
    concurrent-ruby (1.1.5)
    docile (1.3.2)
    factory_bot (4.11.1)
      activesupport (>= 3.0.0)
    i18n (1.7.0)
      concurrent-ruby (~> 1.0)
    jaro_winkler (1.5.4)
    json (2.3.0)
    minitest (5.13.0)
    minitest-bang (1.0.4)
      minitest (>= 4.7.5)
    minitest-fail-fast (0.1.0)
      minitest (~> 5)
    minitest-macos-notification (0.3.1)
      minitest (~> 5.13)
      minitest-reporters (~> 1.4)
      os (~> 1.0)
      terminal-notifier (~> 2.0)
    minitest-reporters (1.4.2)
      ansi
      builder
      minitest (>= 5.0)
      ruby-progressbar
    os (1.0.1)
    parallel (1.19.1)
    parser (2.7.0.1)
      ast (~> 2.4.0)
    rainbow (3.0.0)
    rake (13.0.1)
    rubocop (0.79.0)
      jaro_winkler (~> 1.5.1)
      parallel (~> 1.10)
      parser (>= 2.7.0.1)
      rainbow (>= 2.2.2, < 4.0)
      ruby-progressbar (~> 1.7)
      unicode-display_width (>= 1.4.0, < 1.7)
    ruby-progressbar (1.10.1)
    simplecov (0.17.1)
      docile (~> 1.1)
      json (>= 1.8, < 3)
      simplecov-html (~> 0.10.0)
    simplecov-html (0.10.2)
    terminal-notifier (2.0.0)
    thread_safe (0.3.6)
    tzinfo (1.2.6)
      thread_safe (~> 0.1)
    unicode-display_width (1.6.0)

PLATFORMS
  ruby

DEPENDENCIES
  boxt_ruby_style_guide (~> 4.0)
  bundler (~> 2.0)
  byebug (~> 11.0)
  factory_bot (~> 4.8)
  logga!
  minitest (~> 5.13)
  minitest-bang (~> 1.0)
  minitest-fail-fast (~> 0.1)
  minitest-macos-notification (~> 0.3)
  minitest-reporters (~> 1.4)
  rake (~> 13.0)
  simplecov (~> 0.17)

BUNDLED WITH
   2.1.3
